PATH
  remote: .
  specs:
    remid (0.1.0)
      activesupport (>= 6.1)
      rainbow

GEM
  remote: https://rubygems.org/
  specs:
    activesupport (7.0.4)
      concurrent-ruby (~> 1.0, >= 1.0.2)
      i18n (>= 1.6, < 2)
      minitest (>= 5.1)
      tzinfo (~> 2.0)
    byebug (11.1.3)
    coderay (1.1.3)
    concurrent-ruby (1.1.10)
    i18n (1.12.0)
      concurrent-ruby (~> 1.0)
    method_source (1.0.0)
    minitest (5.16.3)
    pry (0.14.1)
      coderay (~> 1.1)
      method_source (~> 1.0)
    pry-byebug (3.10.1)
      byebug (~> 11.0)
      pry (>= 0.13, < 0.15)
    rainbow (3.1.1)
    rake (13.0.6)
    tzinfo (2.0.5)
      concurrent-ruby (~> 1.0)

PLATFORMS
  x64-mingw32

DEPENDENCIES
  bundler
  pry
  pry-byebug
  rake
  remid!

BUNDLED WITH
   2.1.4
